GIT
  remote: https://github.com/benburkert/librarian-puppet.git
  revision: 6d478ff6931e57662722315db60d983704428ba4
  specs:
    librarian-puppet (0.9.1)
      json
      puppet
      thor (~> 0.15)

GEM
  remote: http://rubygems.org/
  specs:
    archive-tar-minitar (0.5.2)
    childprocess (0.3.2)
      ffi (~> 1.0.6)
    erubis (2.7.0)
    facter (1.6.10)
    ffi (1.0.11)
    i18n (0.6.0)
    json (1.5.4)
    log4r (1.1.10)
    net-scp (1.0.4)
      net-ssh (>= 1.99.1)
    net-ssh (2.2.2)
    puppet (2.7.16)
      facter (~> 1.5)
    rake (0.9.2.2)
    thor (0.15.4)
    vagrant (1.0.3)
      archive-tar-minitar (= 0.5.2)
      childprocess (~> 0.3.1)
      erubis (~> 2.7.0)
      i18n (~> 0.6.0)
      json (~> 1.5.1)
      log4r (~> 1.1.9)
      net-scp (~> 1.0.4)
      net-ssh (~> 2.2.2)

PLATFORMS
  ruby

DEPENDENCIES
  librarian-puppet!
  puppet
  rake
  vagrant
